GIT
  remote: https://github.com/bosko/rmre.git
  revision: 28a8ecc9c213f2288a4a913e2da330272a1c0501
  specs:
    rmre (0.0.9)
      activerecord (>= 3.0.0)
      erubis

GEM
  remote: http://gemcutter.org/
  specs:
    RubyInline (3.12.4)
      ZenTest (~> 4.3)
    ZenTest (4.11.1)
    actionmailer (4.2.5)
      actionpack (= 4.2.5)
      actionview (= 4.2.5)
      activejob (= 4.2.5)
      mail (~> 2.5, >= 2.5.4)
      rails-dom-testing (~> 1.0, >= 1.0.5)
    actionpack (4.2.5)
      actionview (= 4.2.5)
      activesupport (= 4.2.5)
      rack (~> 1.6)
      rack-test (~> 0.6.2)
      rails-dom-testing (~> 1.0, >= 1.0.5)
      rails-html-sanitizer (~> 1.0, >= 1.0.2)
    actionview (4.2.5)
      activesupport (= 4.2.5)
      builder (~> 3.1)
      erubis (~> 2.7.0)
      rails-dom-testing (~> 1.0, >= 1.0.5)
      rails-html-sanitizer (~> 1.0, >= 1.0.2)
    activejob (4.2.5)
      activesupport (= 4.2.5)
      globalid (>= 0.3.0)
    activemodel (4.2.5)
      activesupport (= 4.2.5)
      builder (~> 3.1)
    activerecord (4.2.5)
      activemodel (= 4.2.5)
      activesupport (= 4.2.5)
      arel (~> 6.0)
    activesupport (4.2.5)
      i18n (~> 0.7)
      json (~> 1.7, >= 1.7.7)
      minitest (~> 5.1)
      thread_safe (~> 0.3, >= 0.3.4)
      tzinfo (~> 1.1)
    addressable (2.5.0)
      public_suffix (~> 2.0, >= 2.0.2)
    airbrussh (1.1.1)
      sshkit (>= 1.6.1, != 1.7.0)
    annotate (2.7.1)
      activerecord (>= 3.2, < 6.0)
      rake (>= 10.4, < 12.0)
    arel (6.0.3)
    ast (2.3.0)
    autoprefixer-rails (6.5.3)
      execjs
    awesome_print (1.7.0)
    barista (1.3.0)
      coffee-script (~> 2.2)
    bcrypt (3.1.11)
    best_in_place (3.1.0)
      actionpack (>= 3.2)
      railties (>= 3.2)
    better_errors (2.1.1)
      coderay (>= 1.0.0)
      erubis (>= 2.6.6)
      rack (>= 0.9.0)
    binding.repl (3.0.0)
    binding_of_caller (0.7.2)
      debug_inspector (>= 0.0.1)
    bond (0.5.1)
    bootstrap-datepicker-rails (1.7.1.1)
      railties (>= 3.0)
    bootstrap-sass (3.3.7)
      autoprefixer-rails (>= 5.2.1)
      sass (>= 3.3.4)
    bootswatch-rails (3.3.5)
      railties (>= 3.1)
    brakeman (3.4.1)
    builder (3.2.2)
    bullet (5.4.2)
      activesupport (>= 3.0.0)
      uniform_notifier (~> 1.10.0)
    byebug (9.0.6)
    callsite (0.0.11)
    capistrano (3.7.0)
      airbrussh (>= 1.0.0)
      capistrano-harrow
      i18n
      rake (>= 10.0.0)
      sshkit (>= 1.9.0)
    capistrano-bundler (1.2.0)
      capistrano (~> 3.1)
      sshkit (~> 1.2)
    capistrano-harrow (0.5.3)
    capistrano-rails (1.2.0)
      capistrano (~> 3.1)
      capistrano-bundler (~> 1.1)
    capistrano-rbenv (2.1.0)
      capistrano (~> 3.1)
      sshkit (~> 1.3)
    capistrano-upload-config (0.7.0)
      capistrano (>= 3.0)
    capistrano3-nginx (2.1.5)
      capistrano (>= 3.0.0)
    capistrano3-puma (1.2.1)
      capistrano (~> 3.0)
      puma (>= 2.6)
    cd (1.0.1)
    chunky_png (1.3.8)
    clipboard (1.1.1)
    code (0.9.0)
      coderay (~> 1.1)
      method_source (~> 0.8, >= 0.8.2)
    coderay (1.1.1)
    coffee-rails (4.2.1)
      coffee-script (>= 2.2.0)
      railties (>= 4.0.0, < 5.2.x)
    coffee-script (2.4.1)
      coffee-script-source
      execjs
    coffee-script-source (1.10.0)
    commonjs (0.2.7)
    compass (1.0.3)
      chunky_png (~> 1.2)
      compass-core (~> 1.0.2)
      compass-import-once (~> 1.0.5)
      rb-fsevent (>= 0.9.3)
      rb-inotify (>= 0.9)
      sass (>= 3.3.13, < 3.5)
    compass-core (1.0.3)
      multi_json (~> 1.0)
      sass (>= 3.3.0, < 3.5)
    compass-import-once (1.0.5)
      sass (>= 3.2, < 3.5)
    compass-rails (3.0.2)
      compass (~> 1.0.0)
      sass-rails (< 5.1)
      sprockets (< 4.0)
    concurrent-ruby (1.0.2)
    debug_inspector (0.0.2)
    debugging (1.1.0)
      binding.repl (~> 3.0)
      paint (>= 0.9, < 2.0)
    devise (4.2.0)
      bcrypt (~> 3.0)
      orm_adapter (~> 0.1)
      railties (>= 4.1.0, < 5.1)
      responders
      warden (~> 1.2.3)
    devise-bootstrap-views (0.0.9)
    did_you_mean (1.0.2)
    dotenv (2.1.1)
    dotenv-rails (2.1.1)
      dotenv (= 2.1.1)
      railties (>= 4.0, < 5.1)
    dynamic_form (1.1.4)
    erubis (2.7.0)
    every_day_irb (2.0.0)
      cd (~> 1.0)
    execjs (2.7.0)
    fancy_irb (1.0.2)
      paint (>= 0.9, < 2.0)
      unicode-display_width (~> 1.0)
    ffi (1.9.14)
    font-awesome-rails (4.7.0.0)
      railties (>= 3.2, < 5.1)
    font-awesome-sass (4.7.0)
      sass (>= 3.2)
    git-version-bump (0.15.1)
    globalid (0.3.7)
      activesupport (>= 4.1.0)
    haml (4.0.7)
      tilt
    haml-rails (0.9.0)
      actionpack (>= 4.0.1)
      activesupport (>= 4.0.1)
      haml (>= 4.0.6, < 5.0)
      html2haml (>= 1.0.1)
      railties (>= 4.0.1)
    hirb (0.7.3)
    html2haml (2.0.0)
      erubis (~> 2.7.0)
      haml (~> 4.0.0)
      nokogiri (~> 1.6.0)
      ruby_parser (~> 3.5)
    i18n (0.7.0)
    instance (0.2.0)
    interactive_editor (0.0.10)
      spoon (>= 0.0.1)
    interception (0.5)
    irbtools (2.0.1)
      binding.repl (~> 3.0)
      clipboard (~> 1.0, >= 1.0.6)
      code (~> 0.9)
      coderay (~> 1.1)
      debugging (~> 1.1)
      every_day_irb (~> 2.0)
      fancy_irb (~> 1.0)
      hirb (~> 0.7, >= 0.7.3)
      instance (~> 0.2)
      interactive_editor (~> 0.0, >= 0.0.10)
      method_locator (~> 0.0, >= 0.0.4)
      methodfinder (~> 2.0)
      ori (~> 0.1.0)
      os (~> 0.9)
      paint (>= 0.9, < 2.0)
      ruby_engine (~> 1.0)
      ruby_info (~> 1.0)
      ruby_version (~> 1.0)
      wirb (~> 2.0)
    irbtools-more (2.2.0)
      binding_of_caller (~> 0.7)
      bond (~> 0.5)
      did_you_mean (~> 1.0)
      irbtools (~> 2.0)
      looksee (~> 4.0)
    jquery-rails (4.2.1)
      rails-dom-testing (>= 1, < 3)
      railties (>= 4.2.0)
      thor (>= 0.14, < 2.0)
    jquery-turbolinks (2.1.0)
      railties (>= 3.1.0)
      turbolinks
    json (1.8.3)
    kaminari (0.17.0)
      actionpack (>= 3.0.0)
      activesupport (>= 3.0.0)
    kaminari-bootstrap (3.0.1)
      kaminari (>= 0.13.0)
      rails
    launchy (2.4.3)
      addressable (~> 2.3)
    less (2.6.0)
      commonjs (~> 0.2.7)
    less-rails (2.8.0)
      actionpack (>= 4.0)
      less (~> 2.6.0)
      sprockets (> 2, < 4)
      tilt
    letter_opener (1.4.1)
      launchy (~> 2.2)
    libv8 (3.16.14.15)
    loofah (2.0.3)
      nokogiri (>= 1.5.9)
    looksee (4.0.0)
    mail (2.6.4)
      mime-types (>= 1.16, < 4)
    meta_request (0.4.0)
      callsite (~> 0.0, >= 0.0.11)
      rack-contrib (~> 1.1)
      railties (>= 3.0.0, < 5.1.0)
    method_locator (0.0.4)
    method_source (0.8.2)
    methodfinder (2.0.0)
    mime-types (3.1)
      mime-types-data (~> 3.2015)
    mime-types-data (3.2016.0521)
    mini_portile2 (2.1.0)
    minitest (5.9.1)
    msgpack (1.0.2)
    multi_json (1.12.1)
    net-scp (1.2.1)
      net-ssh (>= 2.6.5)
    net-ssh (3.2.0)
    nokogiri (1.6.8.1)
      mini_portile2 (~> 2.1.0)
    ori (0.1.0)
    orm_adapter (0.5.0)
    os (0.9.6)
    paint (1.0.1)
    parser (2.3.1.4)
      ast (~> 2.2)
    pg (0.19.0)
    pg_array_parser (0.0.9)
    postgres_ext (3.0.0)
      activerecord (>= 4.0.0)
      arel (>= 4.0.1)
      pg_array_parser (~> 0.0.9)
    power_assert (0.3.1)
    powerpack (0.1.1)
    pry (0.10.4)
      coderay (~> 1.1.0)
      method_source (~> 0.8.1)
      slop (~> 3.4)
    pry-byebug (3.4.0)
      byebug (~> 9.0)
      pry (~> 0.10)
    pry-rescue (1.4.4)
      interception (>= 0.5)
      pry
    pry-stack_explorer (0.4.9.2)
      binding_of_caller (>= 0.7)
      pry (>= 0.9.11)
    public_suffix (2.0.4)
    puma (3.6.2)
    rack (1.6.5)
    rack-bug (0.3.0)
      rack (>= 1.0)
    rack-contrib (1.4.0)
      git-version-bump (~> 0.15)
      rack (~> 1.4)
    rack-test (0.6.3)
      rack (>= 1.0)
    rails (4.2.5)
      actionmailer (= 4.2.5)
      actionpack (= 4.2.5)
      actionview (= 4.2.5)
      activejob (= 4.2.5)
      activemodel (= 4.2.5)
      activerecord (= 4.2.5)
      activesupport (= 4.2.5)
      bundler (>= 1.3.0, < 2.0)
      railties (= 4.2.5)
      sprockets-rails
    rails-deprecated_sanitizer (1.0.3)
      activesupport (>= 4.2.0.alpha)
    rails-dom-testing (1.0.7)
      activesupport (>= 4.2.0.beta, < 5.0)
      nokogiri (~> 1.6.0)
      rails-deprecated_sanitizer (>= 1.0.1)
    rails-footnotes (4.1.8)
      rails (>= 3.2)
    rails-html-sanitizer (1.0.3)
      loofah (~> 2.0)
    railties (4.2.5)
      actionpack (= 4.2.5)
      activesupport (= 4.2.5)
      rake (>= 0.8.7)
      thor (>= 0.18.1, < 2.0)
    rainbow (2.1.0)
    rake (11.3.0)
    rb-fsevent (0.9.8)
    rb-inotify (0.9.7)
      ffi (>= 0.5.0)
    rbtrace (0.4.8)
      ffi (>= 1.0.6)
      msgpack (>= 0.4.3)
      trollop (>= 1.16.2)
    ref (2.0.0)
    responders (2.3.0)
      railties (>= 4.2.0, < 5.1)
    rubocop (0.45.0)
      parser (>= 2.3.1.1, < 3.0)
      powerpack (~> 0.1)
      rainbow (>= 1.99.1, < 3.0)
      ruby-progressbar (~> 1.7)
      unicode-display_width (~> 1.0, >= 1.0.1)
    ruby-progressbar (1.8.1)
    ruby_engine (1.0.1)
    ruby_info (1.0.1)
    ruby_parser (3.8.3)
      sexp_processor (~> 4.1)
    ruby_version (1.0.1)
    sass (3.4.22)
    sass-rails (5.0.6)
      railties (>= 4.0.0, < 6)
      sass (~> 3.1)
      sprockets (>= 2.8, < 4.0)
      sprockets-rails (>= 2.0, < 4.0)
      tilt (>= 1.1, < 3)
    seed_dump (0.5.3)
    sexp_processor (4.7.0)
    simple_form (3.3.1)
      actionpack (> 4, < 5.1)
      activemodel (> 4, < 5.1)
    slop (3.6.0)
    spoon (0.0.6)
      ffi
    spring (2.0.0)
      activesupport (>= 4.2)
    spring-commands-rspec (1.0.4)
      spring (>= 0.9.1)
    sprockets (3.7.0)
      concurrent-ruby (~> 1.0)
      rack (> 1, < 3)
    sprockets-rails (3.2.0)
      actionpack (>= 4.0)
      activesupport (>= 4.0)
      sprockets (>= 3.0.0)
    sshkit (1.11.4)
      net-scp (>= 1.1.2)
      net-ssh (>= 2.8.0)
    terminal-notifier (1.7.1)
    test-unit (3.2.2)
      power_assert
    therubyracer (0.12.2)
      libv8 (~> 3.16.14.0)
      ref
    thor (0.19.1)
    thread_safe (0.3.5)
    tilt (2.0.5)
    trollop (2.1.2)
    turbolinks (5.0.1)
      turbolinks-source (~> 5)
    turbolinks-source (5.0.0)
    twitter-bootstrap-rails (3.2.2)
      actionpack (>= 3.1)
      execjs (>= 2.2.2, >= 2.2)
      less-rails (>= 2.5.0)
      railties (>= 3.1)
    tzinfo (1.2.2)
      thread_safe (~> 0.1)
    uglifier (3.0.3)
      execjs (>= 0.3.0, < 3)
    unicode-display_width (1.1.1)
    uniform_notifier (1.10.0)
    warden (1.2.6)
      rack (>= 1.0)
    wirb (2.1.0)
      paint (>= 0.9, < 2.0)
    wirble (0.1.3)
    yui-compressor (0.12.0)

PLATFORMS
  ruby

DEPENDENCIES
  RubyInline
  annotate (>= 2.5.0)
  awesome_print
  barista
  best_in_place
  better_errors
  binding_of_caller
  bootstrap-datepicker-rails
  bootstrap-sass
  bootswatch-rails
  brakeman
  bullet
  capistrano (~> 3.6)
  capistrano-rails (~> 1.1)
  capistrano-rbenv (~> 2.0)
  capistrano-upload-config
  capistrano3-nginx
  capistrano3-puma
  coffee-rails
  coffee-script
  compass-rails
  devise
  devise-bootstrap-views
  dotenv-rails
  dynamic_form
  font-awesome-rails
  font-awesome-sass (~> 4.7.0)
  haml
  haml-rails
  hirb
  irbtools-more (>= 1.7.2)
  jquery-rails
  jquery-turbolinks
  kaminari
  kaminari-bootstrap
  letter_opener
  meta_request
  pg
  postgres_ext
  pry-byebug
  pry-rescue
  pry-stack_explorer
  puma
  rack-bug
  rails (= 4.2.5)
  rails-footnotes (~> 4.0)
  rbtrace
  rmre!
  rubocop
  sass-rails
  seed_dump (~> 0.5.3)
  simple_form
  spring
  spring-commands-rspec
  terminal-notifier
  test-unit
  therubyracer
  twitter-bootstrap-rails
  uglifier
  wirble
  yui-compressor

RUBY VERSION
   ruby 2.3.3p222

BUNDLED WITH
   1.14.6
